GIT
  remote: git://github.com/intridea/omniauth.git
  revision: 70e7552f0770c089654369f7dc5779334478dfe4
  specs:
    oa-basic (0.3.0.rc3)
      oa-core (= 0.3.0.rc3)
      rest-client (~> 1.6.0)
    oa-core (0.3.0.rc3)
    oa-enterprise (0.3.0.rc3)
      XMLCanonicalizer (~> 1.0.1)
      addressable (~> 2.2.6)
      net-ldap (~> 0.2.2)
      nokogiri (~> 1.5.0)
      oa-core (= 0.3.0.rc3)
      pyu-ruby-sasl (~> 0.0.3.1)
      rubyntlm (~> 0.1.1)
      uuid
    oa-more (0.3.0.rc3)
      multi_json (~> 1.0.0)
      oa-core (= 0.3.0.rc3)
      rest-client (~> 1.6.0)
    oa-oauth (0.3.0.rc3)
      faraday (~> 0.7.3)
      multi_json (~> 1.0.0)
      multi_xml (~> 0.3.0)
      oa-core (= 0.3.0.rc3)
      oauth (~> 0.4.0)
      oauth2 (~> 0.5.0)
    oa-openid (0.3.0.rc3)
      oa-core (= 0.3.0.rc3)
      rack-openid (~> 1.3.1)
      ruby-openid-apps-discovery (~> 1.2.0)
    omniauth (0.3.0.rc3)
      oa-basic (= 0.3.0.rc3)
      oa-core (= 0.3.0.rc3)
      oa-enterprise (= 0.3.0.rc3)
      oa-more (= 0.3.0.rc3)
      oa-oauth (= 0.3.0.rc3)
      oa-openid (= 0.3.0.rc3)

GIT
  remote: git://github.com/maccman/nestful.git
  revision: 688376201ccafe45e2ffe7fd47eba6cafbc258d8
  specs:
    nestful (0.0.6)
      activesupport (>= 3.0.0.beta)

GIT
  remote: git://github.com/maccman/ruby-stylus.git
  revision: 645b12215e12fcd18729ea2ae19a77a62400e637
  specs:
    stylus (0.2.1.beta)
      execjs

GIT
  remote: git://github.com/rails/coffee-rails.git
  revision: 586f4f48430d65b517ef3bf955a03ee9bb724d74
  specs:
    coffee-rails (3.2.0.beta)
      coffee-script (>= 2.2.0)
      railties (~> 3.2.0.beta)

GIT
  remote: git://github.com/rails/rails.git
  revision: 0a38e2a5ce2eaf7393958721edbfcf2a7fe87334
  specs:
    actionmailer (3.2.0.beta)
      actionpack (= 3.2.0.beta)
      mail (~> 2.3.0)
    actionpack (3.2.0.beta)
      activemodel (= 3.2.0.beta)
      activesupport (= 3.2.0.beta)
      builder (~> 3.0.0)
      erubis (~> 2.7.0)
      i18n (~> 0.6)
      rack (~> 1.3.2)
      rack-cache (~> 1.0.3)
      rack-mount (~> 0.8.2)
      rack-test (~> 0.6.1)
      sprockets (~> 2.0.0)
    activemodel (3.2.0.beta)
      activesupport (= 3.2.0.beta)
      builder (~> 3.0.0)
      i18n (~> 0.6)
    activerecord (3.2.0.beta)
      activemodel (= 3.2.0.beta)
      activesupport (= 3.2.0.beta)
      arel (~> 2.2.1)
      tzinfo (~> 0.3.29)
    activeresource (3.2.0.beta)
      activemodel (= 3.2.0.beta)
      activesupport (= 3.2.0.beta)
    activesupport (3.2.0.beta)
      i18n (~> 0.6)
      multi_json (~> 1.0)
    rails (3.2.0.beta)
      actionmailer (= 3.2.0.beta)
      actionpack (= 3.2.0.beta)
      activerecord (= 3.2.0.beta)
      activeresource (= 3.2.0.beta)
      activesupport (= 3.2.0.beta)
      bundler (~> 1.0)
      railties (= 3.2.0.beta)
    railties (3.2.0.beta)
      actionpack (= 3.2.0.beta)
      activesupport (= 3.2.0.beta)
      rack-ssl (~> 1.3.2)
      rake (>= 0.8.7)
      rdoc (~> 3.4)
      thor (~> 0.14.6)

GEM
  remote: http://rubygems.org/
  specs:
    XMLCanonicalizer (1.0.1)
      log4r (>= 1.0.4)
    addressable (2.2.6)
    ansi (1.3.0)
    archive-tar-minitar (0.5.2)
    arel (2.2.1)
    builder (3.0.0)
    coffee-script (2.2.0)
      coffee-script-source
      execjs
    coffee-script-source (1.1.2)
    columnize (0.3.4)
    daemons (1.1.4)
    erubis (2.7.0)
    eventmachine (0.12.10)
    execjs (1.2.4)
      multi_json (~> 1.0)
    faraday (0.7.4)
      addressable (~> 2.2.6)
      multipart-post (~> 1.1.0)
      rack (< 2, >= 1.1.0)
    heroku (2.6.1)
      launchy (>= 0.3.2)
      rest-client (~> 1.6.1)
      rubyzip
      term-ansicolor (~> 1.0.5)
    hike (1.2.1)
    i18n (0.6.0)
    jquery-rails (1.0.13)
      railties (~> 3.0)
      thor (~> 0.14)
    launchy (2.0.5)
      addressable (~> 2.2.6)
    linecache19 (0.5.12)
      ruby_core_source (>= 0.1.4)
    log4r (1.1.9)
    macaddr (1.4.0)
      systemu (~> 2.2.0)
    mail (2.3.0)
      i18n (>= 0.4.0)
      mime-types (~> 1.16)
      treetop (~> 1.4.8)
    mime-types (1.16)
    multi_json (1.0.3)
    multi_xml (0.3.0)
    multipart-post (1.1.3)
    net-ldap (0.2.2)
    nokogiri (1.5.0)
    oauth (0.4.5)
    oauth2 (0.5.0)
      faraday (< 0.8, >= 0.6.1)
      multi_json (~> 1.0.0)
    pg (0.11.0)
    polyglot (0.3.2)
    pyu-ruby-sasl (0.0.3.3)
    rack (1.3.2)
    rack-cache (1.0.3)
      rack (>= 0.4)
    rack-mount (0.8.3)
      rack (>= 1.0.0)
    rack-openid (1.3.1)
      rack (>= 1.1.0)
      ruby-openid (>= 2.1.8)
    rack-ssl (1.3.2)
      rack
    rack-test (0.6.1)
      rack (>= 1.0)
    rake (0.9.2)
    rdiscount (1.6.8)
    rdoc (3.9.4)
    rest-client (1.6.7)
      mime-types (>= 1.16)
    ruby-debug-base19 (0.11.25)
      columnize (>= 0.3.1)
      linecache19 (>= 0.5.11)
      ruby_core_source (>= 0.1.4)
    ruby-debug19 (0.11.6)
      columnize (>= 0.3.1)
      linecache19 (>= 0.5.11)
      ruby-debug-base19 (>= 0.11.19)
    ruby-openid (2.1.8)
    ruby-openid-apps-discovery (1.2.0)
      ruby-openid (>= 2.1.7)
    ruby_core_source (0.1.5)
      archive-tar-minitar (>= 0.5.2)
    rubyntlm (0.1.1)
    rubyzip (0.9.4)
    sprockets (2.0.0)
      hike (~> 1.2)
      rack (~> 1.0)
      tilt (~> 1.1, != 1.3.0)
    sqlite3 (1.3.4)
    systemu (2.2.0)
    term-ansicolor (1.0.6)
    thin (1.2.11)
      daemons (>= 1.0.9)
      eventmachine (>= 0.12.6)
      rack (>= 1.0.0)
    thor (0.14.6)
    tilt (1.3.3)
    treetop (1.4.10)
      polyglot
      polyglot (>= 0.3.1)
    turn (0.8.2)
      ansi (>= 1.2.2)
    tzinfo (0.3.29)
    uglifier (1.0.2)
      execjs (>= 0.3.0)
      multi_json (>= 1.0.2)
    uuid (2.3.4)
      macaddr (~> 1.0)

PLATFORMS
  ruby

DEPENDENCIES
  coffee-rails!
  heroku
  jquery-rails
  nestful!
  omniauth!
  pg
  rails!
  rdiscount
  ruby-debug19
  sqlite3
  stylus!
  thin
  turn
  uglifier
